GIT
  remote: https://github.com/svs/sequel-redshift.git
  revision: 1b89c88c3f41cc2465597e6ff19df70eb3eb17e2
  specs:
    sequel-redshift (0.0.1)
      pg
      sequel

GEM
  remote: https://rubygems.org/
  specs:
    byebug (4.0.2)
      columnize (= 0.9.0)
    coderay (1.1.0)
    columnize (0.9.0)
    method_source (0.8.2)
    pg (0.18.1)
    pry (0.10.1)
      coderay (~> 1.1.0)
      method_source (~> 0.8.1)
      slop (~> 3.4)
    pry-byebug (3.1.0)
      byebug (~> 4.0)
      pry (~> 0.10)
    sequel (4.17.0)
    slop (3.6.0)

PLATFORMS
  ruby

DEPENDENCIES
  pg
  pry
  pry-byebug
  sequel-redshift!
